GEM
  remote: https://rubygems.org/
  specs:
    activesupport (5.2.3)
      concurrent-ruby (~> 1.0, >= 1.0.2)
      i18n (>= 0.7, < 2)
      minitest (~> 5.1)
      tzinfo (~> 1.1)
    archive-zip (0.12.0)
      io-like (~> 0.3.0)
    aws-eventstream (1.0.3)
    aws-partitions (1.212.0)
    aws-sdk-core (3.67.0)
      aws-eventstream (~> 1.0, >= 1.0.2)
      aws-partitions (~> 1.0)
      aws-sigv4 (~> 1.1)
      jmespath (~> 1.0)
    aws-sdk-kms (1.24.0)
      aws-sdk-core (~> 3, >= 3.61.1)
      aws-sigv4 (~> 1.1)
    aws-sdk-s3 (1.48.0)
      aws-sdk-core (~> 3, >= 3.61.1)
      aws-sdk-kms (~> 1)
      aws-sigv4 (~> 1.1)
    aws-sigv4 (1.1.0)
      aws-eventstream (~> 1.0, >= 1.0.2)
    childprocess (0.9.0)
      ffi (~> 1.0, >= 1.0.11)
    concurrent-ruby (1.1.5)
    connection_pool (2.2.2)
    dotenv (2.7.5)
    ffi (1.11.1)
    geckodriver-helper (0.24.0)
      archive-zip (~> 0.7)
    headless (2.3.1)
    i18n (1.7.0)
      concurrent-ruby (~> 1.0)
    io-like (0.3.0)
    jmespath (1.4.0)
    minitest (5.13.0)
    mustermann (1.0.3)
    nio4r (2.5.1)
    puma (4.1.1)
      nio4r (~> 2.0)
    rack (2.0.7)
    rack-protection (2.0.7)
      rack
    redis (4.1.3)
    rubyzip (1.3.0)
    selenium-webdriver (2.53.4)
      childprocess (~> 0.5)
      rubyzip (~> 1.0)
      websocket (~> 1.0)
    sidekiq (5.2.8)
      connection_pool (~> 2.2, >= 2.2.2)
      rack (< 2.1.0)
      rack-protection (>= 1.5.0)
      redis (>= 3.3.5, < 5)
    sinatra (2.0.7)
      mustermann (~> 1.0)
      rack (~> 2.0)
      rack-protection (= 2.0.7)
      tilt (~> 2.0)
    thread_safe (0.3.6)
    tilt (2.0.9)
    tzinfo (1.2.5)
      thread_safe (~> 0.1)
    websocket (1.2.8)

PLATFORMS
  ruby

DEPENDENCIES
  activesupport (~> 5.0)
  aws-sdk-s3
  dotenv
  geckodriver-helper
  headless
  puma
  redis
  selenium-webdriver (= 2.53.4)
  sidekiq
  sinatra

RUBY VERSION
   ruby 2.4.2p198

BUNDLED WITH
   2.1.4
